GEM
  remote: http://rubygems.org/
  specs:
    backports (3.1.0)
    bson (1.7.1)
    bson_ext (1.7.1)
      bson (~> 1.7.1)
    daemons (1.1.9)
    eventmachine (1.0.3)
    json (1.7.7)
    mongo (1.7.1)
      bson (~> 1.7.1)
    newrelic_rpm (3.5.8.72)
    rack (1.5.2)
    rack-protection (1.4.0)
      rack
    rack-test (0.6.2)
      rack (>= 1.0)
    sinatra (1.3.5)
      rack (~> 1.4)
      rack-protection (~> 1.3)
      tilt (~> 1.3, >= 1.3.3)
    sinatra-contrib (1.3.2)
      backports (>= 2.0)
      eventmachine
      rack-protection
      rack-test
      sinatra (~> 1.3.0)
      tilt (~> 1.3)
    thin (1.5.0)
      daemons (>= 1.0.9)
      eventmachine (>= 0.12.6)
      rack (>= 1.0.0)
    tilt (1.3.4)

PLATFORMS
  ruby

DEPENDENCIES
  bson_ext (~> 1.7.0)
  json (~> 1.7.5)
  mongo (~> 1.7.0)
  newrelic_rpm
  sinatra (~> 1.3.3)
  sinatra-contrib (~> 1.3.1)
  thin (~> 1.5.0)
